GIT
  remote: git://github.com/headius/bitescript.git
  revision: 96dfbeff51b5993cca8f7c64131b95567235f7b6
  specs:
    bitescript (0.0.9)

GIT
  remote: git://github.com/mirah/mirah.git
  revision: 7c76776733122527768517471481dd6a91d878ac
  specs:
    mirah (0.0.8.dev-java)
      bitescript (>= 0.0.8)

GEM
  remote: http://rubygems.org/
  specs:

PLATFORMS
  java

DEPENDENCIES
  bitescript!
  bundler (= 1.0.13)
  mirah!
